PATH
  remote: .
  specs:
    capistrano-assets (1.0.0)

GEM
  remote: https://rubygems.org/
  remote: http://gems.tunehog.com/
  specs:
    capistrano (3.1.0)
      i18n
      rake (>= 10.0.0)
      sshkit (~> 1.3)
    capistrano-bundler (1.1.3)
      capistrano (~> 3.1)
      sshkit (~> 1.2)
    capistrano-rvm (0.1.1)
      capistrano (~> 3.0)
      sshkit (~> 1.2)
    colorize (0.7.3)
    i18n (0.6.11)
    net-scp (1.2.1)
      net-ssh (>= 2.6.5)
    net-ssh (2.9.1)
    rake (10.3.2)
    sshkit (1.5.1)
      colorize
      net-scp (>= 1.1.2)
      net-ssh (>= 2.8.0)

PLATFORMS
  ruby

DEPENDENCIES
  bundler (~> 1.6)
  capistrano (~> 3.1.0)
  capistrano-assets!
  capistrano-bundler (~> 1.1.2)
  capistrano-rvm
  rake
